GEM
  remote: https://rubygems.org/
  specs:
    activemodel (3.2.22)
      activesupport (= 3.2.22)
      builder (~> 3.0.0)
    activerecord (3.2.22)
      activemodel (= 3.2.22)
      activesupport (= 3.2.22)
      arel (~> 3.0.2)
      tzinfo (~> 0.3.29)
    activesupport (3.2.22)
      i18n (~> 0.6, >= 0.6.4)
      multi_json (~> 1.0)
    arel (3.0.3)
    builder (3.0.4)
    geocoder (1.2.11)
    i18n (0.7.0)
    mqtt (0.3.1)
    multi_json (1.11.2)
    pg (0.15.1)
    rack (1.6.4)
    rack-protection (1.5.3)
      rack
    sinatra (1.4.6)
      rack (~> 1.4)
      rack-protection (~> 1.4)
      tilt (>= 1.3, < 3)
    tilt (2.0.1)
    tzinfo (0.3.45)

PLATFORMS
  ruby

DEPENDENCIES
  activerecord (~> 3.2)
  geocoder
  mqtt
  pg (~> 0.15.0)
  sinatra
